PATH
  remote: ../recs
  specs:
    recs (0.1.0)

GEM
  remote: https://rubygems.org/
  specs:
    awesome_print (1.8.0)
    byebug (10.0.2)
    coderay (1.1.2)
    colorize (0.8.1)
    method_source (0.9.0)
    pry (0.11.3)
      coderay (~> 1.1.0)
      method_source (~> 0.9.0)
    pry-byebug (3.6.0)
      byebug (~> 10.0)
      pry (~> 0.10)
    require_all (2.0.0)

PLATFORMS
  ruby

DEPENDENCIES
  awesome_print
  colorize
  pry-byebug
  recs!
  require_all

BUNDLED WITH
   1.16.1
